PATH
  remote: .
  specs:
    cexio (0.0.3)

GEM
  remote: https://rubygems.org/
  specs:
    addressable (2.3.5)
    diff-lcs (1.2.5)
    rake (10.1.1)
    redcarpet (3.0.0)
    rr (1.1.2)
    rspec-core (2.14.7)
    rspec-expectations (2.14.4)
      diff-lcs (>= 1.1.3, < 2.0)
    yard (0.8.7.3)

PLATFORMS
  ruby

DEPENDENCIES
  addressable
  bundler (~> 1.3)
  cexio!
  rake
  redcarpet
  rr
  rspec-core
  rspec-expectations
  yard
